GIT
  remote: https://github.com/mojombo/jekyll
  revision: fa8400ab61cb8df176f9fb2ec52d85f93c7418a7
  ref: fa8400ab61cb8df176f9fb2ec52d85f93c7418a7
  specs:
    jekyll (0.11.2)
      classifier (~> 1.3)
      directory_watcher (~> 1.1)
      kramdown (~> 0.13.4)
      liquid (~> 2.3)
      maruku (~> 0.5)
      pygments.rb (~> 0.2.12)

GEM
  remote: http://rubygems.org/
  specs:
    RedCloth (4.2.9)
    blankslate (3.1.2)
    chunky_png (1.2.8)
    classifier (1.3.3)
      fast-stemmer (>= 1.0.0)
    compass (0.12.2)
      chunky_png (~> 1.2)
      fssm (>= 0.2.7)
      sass (~> 3.1)
    directory_watcher (1.5.1)
    fast-stemmer (1.0.2)
    ffi (1.0.11)
    fssm (0.2.10)
    kramdown (0.13.8)
    liquid (2.5.0)
    maruku (0.6.1)
      syntax (>= 1.0.0)
    pygments.rb (0.2.13)
      rubypython (~> 0.5.3)
    rake (10.0.4)
    rubypython (0.5.3)
      blankslate (>= 2.1.2.3)
      ffi (~> 1.0.7)
    sass (3.2.7)
    semver (1.0.1)
    syntax (1.0.0)
    zurb-foundation (4.0.9)
      sass (>= 3.2.0)

PLATFORMS
  ruby

DEPENDENCIES
  RedCloth
  compass
  jekyll!
  rake
  sass
  semver
  zurb-foundation
